GENERATE-LOAD-SCRIPTS: ON
RESTRICTION: >= netcoreapp3.0
NUGET
  remote: https://www.nuget.org/api/v2
    FSharp.Core (4.6.2)
    Microsoft.NETCore.Platforms (2.2)
    NETStandard.Library (2.0.3)
      Microsoft.NETCore.Platforms (>= 1.1)
    Newtonsoft.Json (12.0.1)
    NUnit (3.11)
      NETStandard.Library (>= 2.0)

GROUP Build
NUGET
  remote: https://www.nuget.org/api/v2
    FAKE (4.64.16)
